GIT
  remote: git://github.com/rails/rails.git
  revision: 7e6996a1b36cdf8158a27eeaa7e6d97a05994707
  specs:
    actioncable (5.1.0.alpha)
      actionpack (= 5.1.0.alpha)
      nio4r (~> 1.2)
      websocket-driver (~> 0.6.1)
    actionmailer (5.1.0.alpha)
      actionpack (= 5.1.0.alpha)
      actionview (= 5.1.0.alpha)
      activejob (= 5.1.0.alpha)
      mail (~> 2.5, >= 2.5.4)
      rails-dom-testing (~> 2.0)
    actionpack (5.1.0.alpha)
      actionview (= 5.1.0.alpha)
      activesupport (= 5.1.0.alpha)
      rack (~> 2.0)
      rack-test (~> 0.6.3)
      rails-dom-testing (~> 2.0)
      rails-html-sanitizer (~> 1.0, >= 1.0.2)
    actionview (5.1.0.alpha)
      activesupport (= 5.1.0.alpha)
      builder (~> 3.1)
      erubis (~> 2.7.0)
      rails-dom-testing (~> 2.0)
      rails-html-sanitizer (~> 1.0, >= 1.0.2)
    activejob (5.1.0.alpha)
      activesupport (= 5.1.0.alpha)
      globalid (>= 0.3.6)
    activemodel (5.1.0.alpha)
      activesupport (= 5.1.0.alpha)
    activerecord (5.1.0.alpha)
      activemodel (= 5.1.0.alpha)
      activesupport (= 5.1.0.alpha)
      arel (~> 7.0)
    activesupport (5.1.0.alpha)
      concurrent-ruby (~> 1.0, >= 1.0.2)
      i18n (~> 0.7)
      minitest (~> 5.1)
      tzinfo (~> 1.1)
    rails (5.1.0.alpha)
      actioncable (= 5.1.0.alpha)
      actionmailer (= 5.1.0.alpha)
      actionpack (= 5.1.0.alpha)
      actionview (= 5.1.0.alpha)
      activejob (= 5.1.0.alpha)
      activemodel (= 5.1.0.alpha)
      activerecord (= 5.1.0.alpha)
      activesupport (= 5.1.0.alpha)
      bundler (>= 1.3.0, < 2.0)
      railties (= 5.1.0.alpha)
      sprockets-rails (>= 2.0.0)
    railties (5.1.0.alpha)
      actionpack (= 5.1.0.alpha)
      activesupport (= 5.1.0.alpha)
      method_source
      rake (>= 0.8.7)
      thor (>= 0.18.1, < 2.0)

GEM
  remote: https://rubygems.org/
  specs:
    active_model_serializers (0.10.2)
      actionpack (>= 4.1, < 6)
      activemodel (>= 4.1, < 6)
      jsonapi (~> 0.1.1.beta2)
      railties (>= 4.1, < 6)
    apipie-rails (0.3.6)
      json
    arel (7.1.0)
    bcrypt (3.1.11)
    builder (3.2.2)
    byebug (9.0.5)
    coderay (1.1.1)
    concurrent-ruby (1.0.2)
    devise (4.2.0)
      bcrypt (~> 3.0)
      orm_adapter (~> 0.1)
      railties (>= 4.1.0, < 5.1)
      responders
      warden (~> 1.2.3)
    devise_token_auth (0.1.38)
      devise (> 3.5.2, <= 4.2)
      rails (< 6)
    diff-lcs (1.2.5)
    erubis (2.7.0)
    factory_girl (4.7.0)
      activesupport (>= 3.0.0)
    factory_girl_rails (4.7.0)
      factory_girl (~> 4.7.0)
      railties (>= 3.0.0)
    ffi (1.9.14)
    globalid (0.3.7)
      activesupport (>= 4.1.0)
    hashie (3.4.4)
    i18n (0.7.0)
    json (1.8.3)
    jsonapi (0.1.1.beta2)
      json (~> 1.8)
    listen (3.0.8)
      rb-fsevent (~> 0.9, >= 0.9.4)
      rb-inotify (~> 0.9, >= 0.9.7)
    loofah (2.0.3)
      nokogiri (>= 1.5.9)
    mail (2.6.4)
      mime-types (>= 1.16, < 4)
    method_source (0.8.2)
    mime-types (3.1)
      mime-types-data (~> 3.2015)
    mime-types-data (3.2016.0521)
    mini_portile2 (2.1.0)
    minitest (5.9.0)
    nio4r (1.2.1)
    nokogiri (1.6.8)
      mini_portile2 (~> 2.1.0)
      pkg-config (~> 1.1.7)
    omniauth (1.3.1)
      hashie (>= 1.2, < 4)
      rack (>= 1.0, < 3)
    orm_adapter (0.5.0)
    pkg-config (1.1.7)
    pry (0.10.4)
      coderay (~> 1.1.0)
      method_source (~> 0.8.1)
      slop (~> 3.4)
    puma (3.6.0)
    pundit (1.1.0)
      activesupport (>= 3.0.0)
    rack (2.0.1)
    rack-cors (0.4.0)
    rack-test (0.6.3)
      rack (>= 1.0)
    rails-dom-testing (2.0.1)
      activesupport (>= 4.2.0, < 6.0)
      nokogiri (~> 1.6.0)
    rails-html-sanitizer (1.0.3)
      loofah (~> 2.0)
    rake (11.2.2)
    rb-fsevent (0.9.7)
    rb-inotify (0.9.7)
      ffi (>= 0.5.0)
    responders (2.2.0)
      railties (>= 4.2.0, < 5.1)
    rspec-core (3.5.2)
      rspec-support (~> 3.5.0)
    rspec-expectations (3.5.0)
      diff-lcs (>= 1.2.0, < 2.0)
      rspec-support (~> 3.5.0)
    rspec-json_expectations (1.4.0)
    rspec-mocks (3.5.0)
      diff-lcs (>= 1.2.0, < 2.0)
      rspec-support (~> 3.5.0)
    rspec-rails (3.5.1)
      actionpack (>= 3.0)
      activesupport (>= 3.0)
      railties (>= 3.0)
      rspec-core (~> 3.5.0)
      rspec-expectations (~> 3.5.0)
      rspec-mocks (~> 3.5.0)
      rspec-support (~> 3.5.0)
    rspec-support (3.5.0)
    shoulda-matchers (3.1.1)
      activesupport (>= 4.0.0)
    slop (3.6.0)
    spring (1.7.2)
    spring-watcher-listen (2.0.0)
      listen (>= 2.7, < 4.0)
      spring (~> 1.2)
    sprockets (3.7.0)
      concurrent-ruby (~> 1.0)
      rack (> 1, < 3)
    sprockets-rails (3.1.1)
      actionpack (>= 4.0)
      activesupport (>= 4.0)
      sprockets (>= 3.0.0)
    sqlite3 (1.3.11)
    thor (0.19.1)
    thread_safe (0.3.5)
    tzinfo (1.2.2)
      thread_safe (~> 0.1)
    warden (1.2.6)
      rack (>= 1.0)
    websocket-driver (0.6.4)
      websocket-extensions (>= 0.1.0)
    websocket-extensions (0.1.2)

PLATFORMS
  ruby

DEPENDENCIES
  active_model_serializers
  apipie-rails
  byebug
  devise_token_auth
  factory_girl_rails
  listen (~> 3.0.5)
  omniauth
  pry
  puma (~> 3.0)
  pundit
  rack-cors
  rails!
  rspec-json_expectations
  rspec-rails
  shoulda-matchers
  spring
  spring-watcher-listen (~> 2.0.0)
  sqlite3
  tzinfo-data

BUNDLED WITH
   1.12.5
